PATH
  remote: .
  specs:
    bunny (0.7)

GEM
  remote: http://rubygems.org/
  specs:
    RedCloth (4.2.7)
    SystemTimer (1.2)
    changelog (0.8)
    diff-lcs (1.1.2)
    rake (0.9.2)
    rspec (2.6.0)
      rspec-core (~> 2.6.0)
      rspec-expectations (~> 2.6.0)
      rspec-mocks (~> 2.6.0)
    rspec-core (2.6.4)
    rspec-expectations (2.6.0)
      diff-lcs (~> 1.1.2)
    rspec-mocks (2.6.0)
    yard (0.7.2)

PLATFORMS
  ruby

DEPENDENCIES
  RedCloth
  SystemTimer (= 1.2)
  bunny!
  changelog
  rake
  rspec (~> 2.6.0)
  yard (>= 0.7.2)
